GEM
  remote: https://rubygems.org/
  specs:
    excon (0.51.0)
    trollop (2.1.2)

PLATFORMS
  ruby

DEPENDENCIES
  excon
  trollop

BUNDLED WITH
   1.11.2
